GIT
  remote: https://github.com/rspec/rspec.git
  revision: bb618dac1400efa55ea76f8fd2875fc58741936b
  specs:
    rspec (3.6.0.beta2)
      rspec-core (= 3.6.0.beta2)
      rspec-expectations (= 3.6.0.beta2)
      rspec-mocks (= 3.6.0.beta2)

GIT
  remote: https://github.com/sparklemotion/nokogiri.git
  revision: 3cf5764ab611fed39e1c7976fefeda363d62aa3a
  specs:
    nokogiri (1.6.8.1)

GEM
  remote: https://rubygems.org/
  specs:
    activemodel (6.0.3.1)
      activesupport (= 6.0.3.1)
    activerecord (6.0.3.1)
      activemodel (= 6.0.3.1)
      activesupport (= 6.0.3.1)
    activesupport (6.0.3.1)
      concurrent-ruby (~> 1.0, >= 1.0.2)
      i18n (>= 0.7, < 2)
      minitest (~> 5.1)
      tzinfo (~> 1.1)
      zeitwerk (~> 2.2, >= 2.2.2)
    concurrent-ruby (1.1.6)
    diff-lcs (1.3)
    fastreader (1.0.8)
      activerecord (>= 2.0.0)
      activesupport (>= 2.0.0)
      feed-normalizer (>= 1.5.1)
      highline (>= 1.4.0)
      hoe (>= 1.6.0)
      hpricot (>= 0.6)
      simple-rss (>= 1.1)
      sqlite3-ruby (>= 1.2.2)
    feed-normalizer (1.5.2)
      hpricot (>= 0.6)
      simple-rss (>= 1.1)
    highline (1.7.8)
    hoe (3.16.0)
      rake (>= 0.8, < 13.0)
    hpricot (0.8.6)
    i18n (1.8.2)
      concurrent-ruby (~> 1.0)
    minitest (5.14.1)
    pdfkit (0.5.3)
    rack (1.6.5)
    rake (12.0.0)
    rspec-core (3.6.0.beta2)
      rspec-support (= 3.6.0.beta2)
    rspec-expectations (3.6.0.beta2)
      diff-lcs (>= 1.2.0, < 2.0)
      rspec-support (= 3.6.0.beta2)
    rspec-mocks (3.6.0.beta2)
      diff-lcs (>= 1.2.0, < 2.0)
      rspec-support (= 3.6.0.beta2)
    rspec-support (3.6.0.beta2)
    simple-rss (1.3.1)
    sqlite3 (1.3.13)
    sqlite3-ruby (1.3.3)
      sqlite3 (>= 1.3.3)
    thread_safe (0.3.6)
    tzinfo (1.2.7)
      thread_safe (~> 0.1)
    zeitwerk (2.3.0)

PLATFORMS
  ruby

DEPENDENCIES
  fastreader
  nokogiri (= 1.6.8.1)!
  pdfkit (= 0.5.3)
  rack (~> 1.1)
  rspec!

BUNDLED WITH
   1.13.6
